GIT
  remote: git://github.com/airblade/paper_trail.git
  revision: f18cb6d4913eabbd293ed17773925f0c1df96749
  specs:
    paper_trail (2.0.2)
      rails (~> 3)

GIT
  remote: git://github.com/amatsuda/kaminari.git
  revision: 91e9137096e2e5aedfe91f9ebab35b4af8de2408
  specs:
    kaminari (0.10.4)
      rails (>= 3.0.0)

GIT
  remote: git://github.com/ambethia/recaptcha.git
  revision: f86ef39cf0dc2cc615638fbc4dd9056a9e2c84dd
  specs:
    recaptcha (0.3.1)

GIT
  remote: git://github.com/chriseppstein/compass.git
  revision: 51e21b08b957a7156235dfdb93c40122873d68e0
  specs:
    compass (0.11.beta.3.51e21b0)
      chunky_png (~> 0.12.0)
      sass (>= 3.1.0.alpha.249)

GIT
  remote: git://github.com/ernie/meta_where.git
  revision: a90742de23404ecdec1cfa4e7934ef67959efdeb
  specs:
    meta_where (1.0.4)
      activerecord (~> 3.0.0)
      activesupport (~> 3.0.0)
      arel (~> 2.0.7)

GIT
  remote: git://github.com/jfirebaugh/capybara-firebug.git
  revision: ff1594d66cf00c82f890fed57e0bd09ef566c25b
  specs:
    capybara-firebug (0.0.3)
      capybara (~> 0.4.1.2)
      cucumber (~> 0.10.0)

GIT
  remote: git://github.com/justinfrench/formtastic.git
  revision: 549bfdc68caecd2e04654f524c0fdece33ab5943
  tag: 1.2.3
  specs:
    formtastic (1.2.3)
      actionpack (>= 2.3.7)
      activesupport (>= 2.3.7)
      i18n (~> 0.4)

GIT
  remote: git://github.com/plataformatec/devise.git
  revision: 7876acf96089aefd7a416a7989a96204a2c2fcab
  specs:
    devise (1.2.rc2)
      bcrypt-ruby (~> 2.1.2)
      orm_adapter (~> 0.0.3)
      warden (~> 1.0.3)

GIT
  remote: git://github.com/ryanb/cancan.git
  revision: b1424dfa493202db3726565022bc09d381d89727
  specs:
    cancan (1.6.4)

GIT
  remote: git://github.com/stonean/slim.git
  revision: b7f259e3d0cf7a21fadcac74257bcb2a524d8fa8
  tag: v0.9.1
  specs:
    slim (0.9.1)
      temple (~> 0.1.8)
      tilt (~> 1.2)

GIT
  remote: git://github.com/thoughtbot/paperclip.git
  revision: 1738ea1dcaf65860c53088cc62ad7f0887e629ca
  specs:
    paperclip (2.3.8)
      activerecord
      activesupport

GIT
  remote: git://github.com/timcharper/spork.git
  revision: 1d14893ccde966d9caf6d6597ef313f8b46460c1
  specs:
    spork (0.9.0.rc4)

GIT
  remote: git://github.com/voxdolo/decent_exposure.git
  revision: 5ad0f17386b2ce1b3cb3657fb8e78bd8547607fe
  specs:
    decent_exposure (1.0.1)

GEM
  remote: http://rubygems.org/
  specs:
    POpen4 (0.1.4)
      Platform (>= 0.4.0)
      open4
    Platform (0.4.0)
    ZenTest (4.5.0)
    abstract (1.0.0)
    actionmailer (3.0.5)
      actionpack (= 3.0.5)
      mail (~> 2.2.15)
    actionpack (3.0.5)
      activemodel (= 3.0.5)
      activesupport (= 3.0.5)
      builder (~> 2.1.2)
      erubis (~> 2.6.6)
      i18n (~> 0.4)
      rack (~> 1.2.1)
      rack-mount (~> 0.6.13)
      rack-test (~> 0.5.7)
      tzinfo (~> 0.3.23)
    activemodel (3.0.5)
      activesupport (= 3.0.5)
      builder (~> 2.1.2)
      i18n (~> 0.4)
    activerecord (3.0.5)
      activemodel (= 3.0.5)
      activesupport (= 3.0.5)
      arel (~> 2.0.2)
      tzinfo (~> 0.3.23)
    activeresource (3.0.5)
      activemodel (= 3.0.5)
      activesupport (= 3.0.5)
    activesupport (3.0.5)
    annotate (2.4.0)
    archive-tar-minitar (0.5.2)
    arel (2.0.9)
    autotest (4.4.6)
      ZenTest (>= 4.4.1)
    bcrypt-ruby (2.1.4)
    builder (2.1.2)
    capybara (0.4.1.2)
      celerity (>= 0.7.9)
      culerity (>= 0.2.4)
      mime-types (>= 1.16)
      nokogiri (>= 1.3.3)
      rack (>= 1.0.0)
      rack-test (>= 0.5.4)
      selenium-webdriver (>= 0.0.27)
      xpath (~> 0.1.3)
    celerity (0.8.8)
    childprocess (0.1.8)
      ffi (~> 1.0.6)
    chunky_png (0.12.0)
    closure-compiler (1.1.1)
    columnize (0.3.2)
    configuration (1.2.0)
    cucumber (0.10.2)
      builder (>= 2.1.2)
      diff-lcs (>= 1.1.2)
      gherkin (>= 2.3.5)
      json (>= 1.4.6)
      term-ansicolor (>= 1.0.5)
    cucumber-rails (0.4.0)
      cucumber (>= 0.10.1)
      nokogiri (>= 1.4.4)
      rack-test (>= 0.5.7)
    culerity (0.2.15)
    database_cleaner (0.6.5)
    diff-lcs (1.1.2)
    erubis (2.6.6)
      abstract (>= 1.0.0)
    factory_girl (1.3.3)
    factory_girl_rails (1.0.1)
      factory_girl (~> 1.3)
      railties (>= 3.0.0)
    ffaker (1.4.0)
    ffi (1.0.7)
      rake (>= 0.8.7)
    gherkin (2.3.5)
      json (>= 1.4.6)
    haml (3.1.0.alpha.147)
    i18n (0.5.0)
    jammit (0.6.0)
      closure-compiler (>= 0.1.0)
      yui-compressor (>= 0.9.1)
    jquery-rails (0.2.7)
      rails (~> 3.0)
      thor (~> 0.14.4)
    json (1.5.1)
    json_pure (1.5.1)
    launchy (0.4.0)
      configuration (>= 0.0.5)
      rake (>= 0.8.1)
    linecache19 (0.5.11)
      ruby_core_source (>= 0.1.4)
    mail (2.2.15)
      activesupport (>= 2.3.6)
      i18n (>= 0.4.0)
      mime-types (~> 1.16)
      treetop (~> 1.4.8)
    mime-types (1.16)
    nokogiri (1.4.4)
    open4 (1.0.1)
    orm_adapter (0.0.4)
    polyglot (0.3.1)
    rack (1.2.2)
    rack-mount (0.6.13)
      rack (>= 1.0.0)
    rack-test (0.5.7)
      rack (>= 1.0)
    rails (3.0.5)
      actionmailer (= 3.0.5)
      actionpack (= 3.0.5)
      activerecord (= 3.0.5)
      activeresource (= 3.0.5)
      activesupport (= 3.0.5)
      bundler (~> 1.0)
      railties (= 3.0.5)
    rails-default-database (1.0.0)
      railties
    railties (3.0.5)
      actionpack (= 3.0.5)
      activesupport (= 3.0.5)
      rake (>= 0.8.7)
      thor (~> 0.14.4)
    rake (0.8.7)
    rspec (2.5.0)
      rspec-core (~> 2.5.0)
      rspec-expectations (~> 2.5.0)
      rspec-mocks (~> 2.5.0)
    rspec-core (2.5.1)
    rspec-expectations (2.5.0)
      diff-lcs (~> 1.1.2)
    rspec-mocks (2.5.0)
    rspec-rails (2.5.0)
      actionpack (~> 3.0)
      activesupport (~> 3.0)
      railties (~> 3.0)
      rspec (~> 2.5.0)
    ruby-debug-base19 (0.11.24)
      columnize (>= 0.3.1)
      linecache19 (>= 0.5.11)
      ruby_core_source (>= 0.1.4)
    ruby-debug19 (0.11.6)
      columnize (>= 0.3.1)
      linecache19 (>= 0.5.11)
      ruby-debug-base19 (>= 0.11.19)
    ruby_core_source (0.1.4)
      archive-tar-minitar (>= 0.5.2)
    rubyzip (0.9.4)
    sass (3.1.0.alpha.249)
    selenium-webdriver (0.1.4)
      childprocess (>= 0.1.7)
      ffi (>= 1.0.7)
      json_pure
      rubyzip
    sqlite3 (1.3.3)
    temple (0.1.8)
    term-ansicolor (1.0.5)
    thor (0.14.6)
    tilt (1.2.2)
    treetop (1.4.9)
      polyglot (>= 0.3.1)
    tzinfo (0.3.25)
    warden (1.0.3)
      rack (>= 1.0.0)
    xpath (0.1.3)
      nokogiri (~> 1.3)
    yui-compressor (0.9.6)
      POpen4 (>= 0.1.4)

PLATFORMS
  ruby

DEPENDENCIES
  annotate
  autotest
  bcrypt-ruby
  cancan!
  capybara
  capybara-firebug!
  compass!
  cucumber
  cucumber-rails
  database_cleaner
  decent_exposure!
  devise!
  factory_girl_rails
  ffaker
  formtastic!
  haml (>= 3.1.0.alpha.147)
  jammit
  jquery-rails
  json
  kaminari!
  launchy
  meta_where!
  nokogiri
  paper_trail!
  paperclip!
  rails (>= 3.0.5)
  rails-default-database
  recaptcha!
  rspec
  rspec-rails
  ruby-debug19
  sass (>= 3.1.0.alpha.214)
  slim!
  spork!
  sqlite3
